PATH
  remote: .
  specs:
    idb (2.10.3)
      awesome_print
      bcrypt_pbkdf
      coderay
      git
      hexdump
      htmlentities
      json
      launchy
      log4r
      net-sftp
      net-ssh
      nokogiri
      plist4r
      qtbindings
      rbnacl (>= 3.2, < 5.0)
      rbnacl-libsodium
      sqlite3

GEM
  remote: https://rubygems.org/
  specs:
    addressable (2.5.2)
      public_suffix (>= 2.0.2, < 4.0)
    awesome_print (1.8.0)
    bcrypt_pbkdf (1.0.0)
    byebug (10.0.2)
    coderay (1.1.2)
    ffi (1.9.23)
    git (1.3.0)
    haml (5.0.4)
      temple (>= 0.8.0)
      tilt
    hexdump (0.2.3)
    htmlentities (4.3.4)
    json (2.1.0)
    launchy (2.4.3)
      addressable (~> 2.3)
    libxml-ruby (3.1.0)
    libxml4r (0.2.6)
      libxml-ruby (>= 1.1.3)
    log4r (1.1.10)
    method_source (0.9.0)
    mini_portile2 (2.3.0)
    net-sftp (2.1.2)
      net-ssh (>= 2.6.5)
    net-ssh (4.2.0)
    nokogiri (1.8.2)
      mini_portile2 (~> 2.3.0)
    plist4r (1.2.2)
      haml
      libxml-ruby
      libxml4r
    pry (0.11.3)
      coderay (~> 1.1.0)
      method_source (~> 0.9.0)
    pry-byebug (3.6.0)
      byebug (~> 10.0)
      pry (~> 0.10)
    public_suffix (3.0.2)
    qtbindings (4.8.6.4)
    rake (12.3.1)
    rbnacl (4.0.2)
      ffi
    rbnacl-libsodium (1.0.16)
      rbnacl (>= 3.0.1)
    sqlite3 (1.3.13)
    temple (0.8.0)
    tilt (2.0.8)

PLATFORMS
  ruby

DEPENDENCIES
  bundler (~> 1.6)
  idb!
  pry
  pry-byebug
  rake

BUNDLED WITH
   1.16.1
